GEM
  remote: https://rubygems.org/
  specs:
    childprocess (4.1.0)
    power_assert (2.0.1)
    rexml (3.2.5)
    rubyzip (2.3.2)
    selenium-webdriver (4.3.0)
      childprocess (>= 0.5, < 5.0)
      rexml (~> 3.2, >= 3.2.5)
      rubyzip (>= 1.2.2, < 3.0)
      websocket (~> 1.0)
    test-unit (3.5.3)
      power_assert
    websocket (1.2.9)

PLATFORMS
  x64-mingw-ucrt

DEPENDENCIES
  selenium-webdriver
  test-unit

BUNDLED WITH
   2.3.17
